GEM
  remote: http://rubygems.org/
  specs:
    call-me (0.0.2.3)
      refining
    docsplit (0.7.2)
    ffi (1.9.0-java)
    ffi-extra (0.1.0)
      ffi
    ffi-inline (0.0.4.3)
      ffi (>= 0.4.0)
    image_voodoo (0.8.2)
    iso-639 (0.1.0)
    refining (0.0.5.5)
    tabula-extractor (0.6.1-java)
      trollop (~> 2.0)
    tesseract-ocr (0.1.5)
      call-me
      ffi-extra
      ffi-inline
      iso-639
    trollop (2.0)

PLATFORMS
  java

DEPENDENCIES
  docsplit
  image_voodoo
  tabula-extractor
  tesseract-ocr
